GEM
  remote: https://rubygems.org/
  specs:
    actioncable (6.1.7.2)
      actionpack (= 6.1.7.2)
      activesupport (= 6.1.7.2)
      nio4r (~> 2.0)
      websocket-driver (>= 0.6.1)
    actionmailbox (6.1.7.2)
      actionpack (= 6.1.7.2)
      activejob (= 6.1.7.2)
      activerecord (= 6.1.7.2)
      activestorage (= 6.1.7.2)
      activesupport (= 6.1.7.2)
      mail (>= 2.7.1)
    actionmailer (6.1.7.2)
      actionpack (= 6.1.7.2)
      actionview (= 6.1.7.2)
      activejob (= 6.1.7.2)
      activesupport (= 6.1.7.2)
      mail (~> 2.5, >= 2.5.4)
      rails-dom-testing (~> 2.0)
    actionpack (6.1.7.2)
      actionview (= 6.1.7.2)
      activesupport (= 6.1.7.2)
      rack (~> 2.0, >= 2.0.9)
      rack-test (>= 0.6.3)
      rails-dom-testing (~> 2.0)
      rails-html-sanitizer (~> 1.0, >= 1.2.0)
    actiontext (6.1.7.2)
      actionpack (= 6.1.7.2)
      activerecord (= 6.1.7.2)
      activestorage (= 6.1.7.2)
      activesupport (= 6.1.7.2)
      nokogiri (>= 1.8.5)
    actionview (6.1.7.2)
      activesupport (= 6.1.7.2)
      builder (~> 3.1)
      erubi (~> 1.4)
      rails-dom-testing (~> 2.0)
      rails-html-sanitizer (~> 1.1, >= 1.2.0)
    activejob (6.1.7.2)
      activesupport (= 6.1.7.2)
      globalid (>= 0.3.6)
    activemodel (6.1.7.2)
      activesupport (= 6.1.7.2)
    activerecord (6.1.7.2)
      activemodel (= 6.1.7.2)
      activesupport (= 6.1.7.2)
    activestorage (6.1.7.2)
      actionpack (= 6.1.7.2)
      activejob (= 6.1.7.2)
      activerecord (= 6.1.7.2)
      activesupport (= 6.1.7.2)
      marcel (~> 1.0)
      mini_mime (>= 1.1.0)
    activesupport (6.1.7.2)
      concurrent-ruby (~> 1.0, >= 1.0.2)
      i18n (>= 1.6, < 2)
      minitest (>= 5.1)
      tzinfo (~> 2.0)
      zeitwerk (~> 2.3)
    addressable (2.7.0)
      public_suffix (>= 2.0.2, < 5.0)
    aws-eventstream (1.1.1)
    aws-partitions (1.465.0)
    aws-sdk-core (3.114.0)
      aws-eventstream (~> 1, >= 1.0.2)
      aws-partitions (~> 1, >= 1.239.0)
      aws-sigv4 (~> 1.1)
      jmespath (~> 1.0)
    aws-sdk-kms (1.43.0)
      aws-sdk-core (~> 3, >= 3.112.0)
      aws-sigv4 (~> 1.1)
    aws-sdk-s3 (1.95.1)
      aws-sdk-core (~> 3, >= 3.112.0)
      aws-sdk-kms (~> 1)
      aws-sigv4 (~> 1.1)
    aws-sigv4 (1.2.3)
      aws-eventstream (~> 1, >= 1.0.2)
    bcrypt (3.1.16)
    bcrypt_pbkdf (1.1.0)
    bootsnap (1.7.5)
      msgpack (~> 1.0)
    builder (3.2.4)
    chunky_png (1.3.15)
    climate_control (0.2.0)
    cocaine (0.6.0)
      terrapin (= 0.6.0)
    coderay (1.1.3)
    color (1.8)
    commonmarker (0.23.2)
    concurrent-ruby (1.2.0)
    content_disposition (1.0.0)
    counter_culture (2.8.0)
      activerecord (>= 4.2)
      activesupport (>= 4.2)
    crass (1.0.6)
    date (3.3.3)
    discard (1.2.0)
      activerecord (>= 4.2, < 7)
    domain_name (0.5.20190701)
      unf (>= 0.0.5, < 1.0.0)
    down (5.2.2)
      addressable (~> 2.5)
    dry-configurable (0.12.1)
      concurrent-ruby (~> 1.0)
      dry-core (~> 0.5, >= 0.5.0)
    dry-container (0.7.2)
      concurrent-ruby (~> 1.0)
      dry-configurable (~> 0.1, >= 0.1.3)
    dry-core (0.5.0)
      concurrent-ruby (~> 1.0)
    dry-inflector (0.2.0)
    dry-logic (1.2.0)
      concurrent-ruby (~> 1.0)
      dry-core (~> 0.5, >= 0.5)
    dry-types (1.5.1)
      concurrent-ruby (~> 1.0)
      dry-container (~> 0.3)
      dry-core (~> 0.5, >= 0.5)
      dry-inflector (~> 0.1, >= 0.1.2)
      dry-logic (~> 1.0, >= 1.0.2)
    ed25519 (1.2.4)
    erubi (1.12.0)
    et-orbi (1.2.4)
      tzinfo
    exifr (1.3.9)
    faker (2.18.0)
      i18n (>= 1.6, < 2)
    ffi (1.15.5)
    ffi-compiler (1.0.1)
      ffi (>= 1.0.0)
      rake
    fspath (3.1.2)
    fugit (1.4.5)
      et-orbi (~> 1.1, >= 1.1.8)
      raabro (~> 1.4)
    globalid (1.1.0)
      activesupport (>= 5.0)
    good_job (2.7.3)
      activejob (>= 5.2.0)
      activerecord (>= 5.2.0)
      concurrent-ruby (>= 1.0.2)
      fugit (>= 1.1)
      railties (>= 5.2.0)
      thor (>= 0.14.1)
      webrick (>= 1.3)
      zeitwerk (>= 2.0)
    graphiti (1.2.42)
      activesupport (>= 4.1)
      concurrent-ruby (~> 1.0)
      dry-types (>= 0.15.0, < 2.0)
      graphiti_errors (~> 1.1.0)
      jsonapi-renderer (~> 0.2, >= 0.2.2)
      jsonapi-serializable (~> 0.3.0)
    graphiti-rails (0.3.0)
      graphiti (~> 1.2)
      railties (>= 5.0)
      rescue_registry (~> 0.3.0)
    graphiti_errors (1.1.2)
      jsonapi-serializable (~> 0.1)
    hkdf (0.3.0)
    http (5.0.1)
      addressable (~> 2.3)
      http-cookie (~> 1.0)
      http-form_data (~> 2.2)
      llhttp-ffi (~> 0.3.0)
    http-cookie (1.0.4)
      domain_name (~> 0.5)
    http-form_data (2.3.0)
    httparty (0.20.0)
      mime-types (~> 3.0)
      multi_xml (>= 0.5.2)
    i18n (1.12.0)
      concurrent-ruby (~> 1.0)
    image_optim (0.30.0)
      exifr (~> 1.2, >= 1.2.2)
      fspath (~> 3.0)
      image_size (>= 1.5, < 3)
      in_threads (~> 1.3)
      progress (~> 3.0, >= 3.0.1)
    image_processing (1.12.1)
      mini_magick (>= 4.9.5, < 5)
      ruby-vips (>= 2.0.17, < 3)
    image_size (2.1.0)
    in_threads (1.5.4)
    jbuilder (2.11.5)
      actionview (>= 5.0.0)
      activesupport (>= 5.0.0)
    jmespath (1.4.0)
    jnylen-colorscore (0.1.3)
      color
    jsonapi-renderer (0.2.2)
    jsonapi-serializable (0.3.1)
      jsonapi-renderer (~> 0.2.0)
    jwt (2.3.0)
    kaminari (1.2.2)
      activesupport (>= 4.1.0)
      kaminari-actionview (= 1.2.2)
      kaminari-activerecord (= 1.2.2)
      kaminari-core (= 1.2.2)
    kaminari-actionview (1.2.2)
      actionview
      kaminari-core (= 1.2.2)
    kaminari-activerecord (1.2.2)
      activerecord
      kaminari-core (= 1.2.2)
    kaminari-core (1.2.2)
    listen (3.1.5)
      rb-fsevent (~> 0.9, >= 0.9.4)
      rb-inotify (~> 0.9, >= 0.9.7)
      ruby_dep (~> 1.2)
    llhttp-ffi (0.3.1)
      ffi-compiler (~> 1.0)
      rake (~> 13.0)
    loofah (2.19.1)
      crass (~> 1.0.2)
      nokogiri (>= 1.5.9)
    mail (2.8.1)
      mini_mime (>= 0.1.1)
      net-imap
      net-pop
      net-smtp
    marcel (1.0.2)
    mato (2.3.2)
      commonmarker (>= 0.18.1)
      nokogiri (>= 1.6)
      rouge (>= 3.0.0)
    meilisearch (0.19.2)
      httparty (>= 0.17.1, < 0.21.0)
    meilisearch-rails (0.7.3)
      meilisearch (~> 0.19.2)
    method_source (1.0.0)
    mime-types (3.4.1)
      mime-types-data (~> 3.2015)
    mime-types-data (3.2022.0105)
    mini_magick (4.11.0)
    mini_mime (1.1.2)
    mini_portile2 (2.8.1)
    minitest (5.17.0)
    miro (0.4.0)
      chunky_png
      cocaine
      color
      oily_png
    msgpack (1.4.2)
    multi_xml (0.6.0)
    net-imap (0.3.4)
      date
      net-protocol
    net-pop (0.1.2)
      net-protocol
    net-protocol (0.2.1)
      timeout
    net-smtp (0.3.3)
      net-protocol
    net-ssh (6.1.0)
    nio4r (2.5.8)
    nokogiri (1.14.1)
      mini_portile2 (~> 2.8.0)
      racc (~> 1.4)
    nokogumbo (2.0.5)
      nokogiri (~> 1.8, >= 1.8.4)
    noticed (1.5.5)
      http (>= 4.0.0)
      rails (>= 5.2.0)
    oily_png (1.2.1)
      chunky_png (~> 1.3.7)
    open3 (0.1.0)
    pagy (5.10.1)
      activesupport
    pg (1.2.3)
    pony (1.13.1)
      mail (>= 2.0)
    progress (3.6.0)
    pry (0.14.1)
      coderay (~> 1.1)
      method_source (~> 1.0)
    pry-rails (0.3.9)
      pry (>= 0.10.4)
    pry-remote (0.1.8)
      pry (~> 0.9)
      slop (~> 3.0)
    public_suffix (4.0.6)
    puma (4.3.8)
      nio4r (~> 2.0)
    pundit (2.1.0)
      activesupport (>= 3.0.0)
    raabro (1.4.0)
    racc (1.6.2)
    rack (2.2.6.2)
    rack-attack (6.6.1)
      rack (>= 1.0, < 3)
    rack-cors (1.1.1)
      rack (>= 2.0.0)
    rack-test (2.0.2)
      rack (>= 1.3)
    rails (6.1.7.2)
      actioncable (= 6.1.7.2)
      actionmailbox (= 6.1.7.2)
      actionmailer (= 6.1.7.2)
      actionpack (= 6.1.7.2)
      actiontext (= 6.1.7.2)
      actionview (= 6.1.7.2)
      activejob (= 6.1.7.2)
      activemodel (= 6.1.7.2)
      activerecord (= 6.1.7.2)
      activestorage (= 6.1.7.2)
      activesupport (= 6.1.7.2)
      bundler (>= 1.15.0)
      railties (= 6.1.7.2)
      sprockets-rails (>= 2.0.0)
    rails-dom-testing (2.0.3)
      activesupport (>= 4.2.0)
      nokogiri (>= 1.6)
    rails-html-sanitizer (1.5.0)
      loofah (~> 2.19, >= 2.19.1)
    rails_semantic_logger (4.18.0)
      rack
      railties (>= 5.1)
      semantic_logger (~> 4.16)
    railties (6.1.7.2)
      actionpack (= 6.1.7.2)
      activesupport (= 6.1.7.2)
      method_source
      rake (>= 12.2)
      thor (~> 1.0)
    rake (13.0.6)
    rb-fsevent (0.11.0)
    rb-inotify (0.10.1)
      ffi (~> 1.0)
    redis (4.6.0)
    rescue_registry (0.3.0)
      activesupport (>= 5.0)
    rouge (3.27.0)
    ruby-vips (2.1.4)
      ffi (~> 1.12)
    ruby_dep (1.5.0)
    rubyzip (2.3.0)
    sanitize (5.2.3)
      crass (~> 1.0.2)
      nokogiri (>= 1.8.0)
      nokogumbo (~> 2.0)
    semantic_logger (4.17.0)
      concurrent-ruby (~> 1.0)
    shrine (3.3.0)
      content_disposition (~> 1.0)
      down (~> 5.1)
    shrine-color (0.3.1)
      jnylen-colorscore (~> 0.1, >= 0.1.3)
      shrine (>= 2.0, <= 4.0)
    slop (3.6.0)
    spring (2.1.1)
    spring-watcher-listen (2.0.1)
      listen (>= 2.7, < 4.0)
      spring (>= 1.2, < 3.0)
    sprockets (4.2.0)
      concurrent-ruby (~> 1.0)
      rack (>= 2.2.4, < 4)
    sprockets-rails (3.4.2)
      actionpack (>= 5.2)
      activesupport (>= 5.2)
      sprockets (>= 3.0.0)
    stringex (2.8.6)
    terrapin (0.6.0)
      climate_control (>= 0.0.3, < 1.0)
    thor (1.2.1)
    timeout (0.3.1)
    tzinfo (2.0.6)
      concurrent-ruby (~> 1.0)
    tzinfo-data (1.2021.1)
      tzinfo (>= 1.0.0)
    unf (0.1.4)
      unf_ext
    unf_ext (0.0.8)
    validate_url (1.0.13)
      activemodel (>= 3.0.0)
      public_suffix
    webpush (1.1.0)
      hkdf (~> 0.2)
      jwt (~> 2.0)
    webrick (1.7.0)
    websocket-driver (0.7.5)
      websocket-extensions (>= 0.1.0)
    websocket-extensions (0.1.5)
    xorcist (1.1.2)
    zeitwerk (2.6.7)

PLATFORMS
  ruby

DEPENDENCIES
  aws-sdk-s3 (~> 1.14)
  bcrypt (~> 3.1.7)
  bcrypt_pbkdf (>= 1.0, < 2.0)
  bootsnap (>= 1.4.2)
  counter_culture (~> 2.8)
  discard (~> 1.2)
  ed25519 (>= 1.2, < 2.0)
  faker
  good_job
  graphiti
  graphiti-rails (~> 0.1)
  image_optim
  image_processing (~> 1.8)
  jbuilder
  kaminari
  listen (>= 3.0.5, < 3.2)
  mato
  meilisearch-rails (= 0.7.3)
  miro
  net-ssh
  noticed
  open3
  pagy (~> 5.10)
  pg
  pony (~> 1.13)
  pry-rails
  pry-remote
  puma (~> 4.3.5)
  pundit
  rack-attack
  rack-cors
  rails (~> 6.1.7.2)
  rails_semantic_logger
  redis
  rubyzip
  sanitize
  shrine (~> 3.3)
  shrine-color
  spring
  spring-watcher-listen (~> 2.0.0)
  stringex
  thor (~> 1.1)
  tzinfo-data
  validate_url
  webpush
  xorcist

RUBY VERSION
   ruby 2.7.5p203

BUNDLED WITH
   2.1.4
